GEM
  remote: http://rubygems.org/
  specs:
    rake (0.8.7)
    term-ansicolor (1.0.5)

PLATFORMS
  ruby

DEPENDENCIES
  rake
  term-ansicolor
